PATH
  remote: .
  specs:
    stability_ai (0.1.2)

GEM
  remote: https://rubygems.org/
  specs:
    ast (2.4.2)
    byebug (11.1.3)
    coderay (1.1.3)
    diff-lcs (1.5.0)
    httparty (0.20.0)
      mime-types (~> 3.0)
      multi_xml (>= 0.5.2)
    json (2.6.3)
    method_source (1.0.0)
    mime-types (3.4.1)
      mime-types-data (~> 3.2015)
    mime-types-data (3.2023.0218.1)
    multi_xml (0.6.0)
    parallel (1.23.0)
    parser (3.2.2.0)
      ast (~> 2.4.1)
    pkg-config (1.5.1)
    pry (0.14.2)
      coderay (~> 1.1)
      method_source (~> 1.0)
    pry-byebug (3.10.1)
      byebug (~> 11.0)
      pry (>= 0.13, < 0.15)
    rainbow (3.1.1)
    rake (13.0.6)
    regexp_parser (2.8.0)
    rexml (3.2.5)
    rmagick (5.2.0)
      pkg-config (~> 1.4)
    rspec (3.12.0)
      rspec-core (~> 3.12.0)
      rspec-expectations (~> 3.12.0)
      rspec-mocks (~> 3.12.0)
    rspec-core (3.12.2)
      rspec-support (~> 3.12.0)
    rspec-expectations (3.12.3)
      diff-lcs (>= 1.2.0, < 2.0)
      rspec-support (~> 3.12.0)
    rspec-mocks (3.12.5)
      diff-lcs (>= 1.2.0, < 2.0)
      rspec-support (~> 3.12.0)
    rspec-support (3.12.0)
    rubocop (1.50.2)
      json (~> 2.3)
      parallel (~> 1.10)
      parser (>= 3.2.0.0)
      rainbow (>= 2.2.2, < 4.0)
      regexp_parser (>= 1.8, < 3.0)
      rexml (>= 3.2.5, < 4.0)
      rubocop-ast (>= 1.28.0, < 2.0)
      ruby-progressbar (~> 1.7)
      unicode-display_width (>= 2.4.0, < 3.0)
    rubocop-ast (1.28.0)
      parser (>= 3.2.1.0)
    ruby-progressbar (1.13.0)
    unicode-display_width (2.4.2)

PLATFORMS
  x86_64-darwin-22

DEPENDENCIES
  httparty (~> 0.20.0)
  pry-byebug
  rake (~> 13.0)
  rmagick (~> 5.2.0)
  rspec (~> 3.0)
  rubocop (~> 1.21)
  stability_ai!

BUNDLED WITH
   2.4.12
